GEM
  remote: https://rubygems.org/
  specs:
    benchmark-ips (2.13.0)

PLATFORMS
  arm64-darwin-21

DEPENDENCIES
  benchmark-ips (~> 2.7, >= 2.7.2)

BUNDLED WITH
   2.4.14
